GEM
  remote: http://rubygems.org/
  specs:
    haml (3.1.4)
    json (1.6.4)
    rack (1.3.5)
    rack-protection (1.1.4)
      rack
    rack-raw-upload (1.0.11)
      json
    sinatra (1.3.1)
      rack (~> 1.3, >= 1.3.4)
      rack-protection (~> 1.1, >= 1.1.2)
      tilt (~> 1.3, >= 1.3.3)
    tilt (1.3.3)

PLATFORMS
  ruby

DEPENDENCIES
  haml
  rack-raw-upload
  sinatra
